GEM
  remote: https://rubygems.org/
  specs:
    rack (1.6.5)
    sass (3.4.23)

PLATFORMS
  ruby

DEPENDENCIES
  rack (= 1.6.5)
  sass
